GEM
  remote: https://rubygems.org/
  specs:
    bond (0.5.1)
    coderay (1.1.1)
    method_source (0.8.2)
    pry (0.10.4)
      coderay (~> 1.1.0)
      method_source (~> 0.8.1)
      slop (~> 3.4)
    ripl (0.7.1)
      bond (~> 0.5.1)
    slop (3.6.0)

PLATFORMS
  ruby

DEPENDENCIES
  pry
  ripl

BUNDLED WITH
   1.11.2
